PATH
  remote: .
  specs:
    liftedwiki (0.0.1)

GEM
  remote: https://rubygems.org/
  specs:
    minitest (3.5.0)
    rake (10.0.2)
    redcarpet (2.1.1)
    yard (0.8.3)

PLATFORMS
  ruby

DEPENDENCIES
  liftedwiki!
  minitest (~> 3.0)
  rake (~> 10.0)
  redcarpet
  yard
