PATH
  remote: .
  specs:
    liftedwiki (0.0.1)
      html-pipeline
      sinatra (~> 1.3)

GEM
  remote: https://rubygems.org/
  specs:
    activesupport (3.2.8)
      i18n (~> 0.6)
      multi_json (~> 1.0)
    charlock_holmes (0.6.9)
    escape_utils (0.2.4)
    gemoji (1.1.3)
    github-linguist (2.3.4)
      charlock_holmes (~> 0.6.6)
      escape_utils (~> 0.2.3)
      mime-types (~> 1.19)
      pygments.rb (>= 0.2.13)
    github-markdown (0.5.3)
    html-pipeline (0.0.4)
      activesupport (>= 2)
      escape_utils (~> 0.2)
      gemoji (~> 1.1.1)
      github-linguist (~> 2.1)
      github-markdown (~> 0.5)
      nokogiri (~> 1.4)
      rinku (~> 1.7)
      sanitize (~> 2.0)
    i18n (0.6.1)
    mime-types (1.19)
    minitest (3.5.0)
    multi_json (1.3.7)
    nokogiri (1.5.5)
    posix-spawn (0.3.6)
    pygments.rb (0.3.2)
      posix-spawn (~> 0.3.6)
      yajl-ruby (~> 1.1.0)
    rack (1.4.1)
    rack-protection (1.2.0)
      rack
    rake (10.0.2)
    redcarpet (2.1.1)
    rinku (1.7.2)
    sanitize (2.0.3)
      nokogiri (>= 1.4.4, < 1.6)
    sinatra (1.3.3)
      rack (~> 1.3, >= 1.3.6)
      rack-protection (~> 1.2)
      tilt (~> 1.3, >= 1.3.3)
    tilt (1.3.3)
    yajl-ruby (1.1.0)
    yard (0.8.3)

PLATFORMS
  ruby

DEPENDENCIES
  liftedwiki!
  minitest (~> 3.0)
  rake (~> 10.0)
  redcarpet
  yard
